GEM
  remote: https://rubygems.org/
  specs:
    awesome_print (1.8.0)
    httparty (0.16.1)
      multi_xml (>= 0.5.2)
    minitest (5.11.3)
    multi_xml (0.6.0)

PLATFORMS
  ruby

DEPENDENCIES
  awesome_print
  httparty
  minitest

BUNDLED WITH
   1.16.1
